GEM
  remote: https://rubygems.org/
  specs:
    cuba (4.0.1)
      rack (>= 3.0.0)
      rack-session (>= 2.0.0)
    diff-lcs (1.5.0)
    json (2.6.3)
    nio4r (2.5.8)
    puma (6.1.1)
      nio4r (~> 2.0)
    rack (3.0.4.1)
    rack-session (2.0.0)
      rack (>= 3.0.0)
    rspec (3.12.0)
      rspec-core (~> 3.12.0)
      rspec-expectations (~> 3.12.0)
      rspec-mocks (~> 3.12.0)
    rspec-core (3.12.1)
      rspec-support (~> 3.12.0)
    rspec-expectations (3.12.2)
      diff-lcs (>= 1.2.0, < 2.0)
      rspec-support (~> 3.12.0)
    rspec-mocks (3.12.3)
      diff-lcs (>= 1.2.0, < 2.0)
      rspec-support (~> 3.12.0)
    rspec-support (3.12.0)

PLATFORMS
  arm64-darwin-21
  x86_64-linux-musl

DEPENDENCIES
  cuba (~> 4.0, >= 4.0.1)
  json (~> 2.6, >= 2.6.3)
  puma (~> 6.1, >= 6.1.1)
  rack (~> 3.0, >= 3.0.4)
  rspec (~> 3.12)

BUNDLED WITH
   2.3.7
