GEM
  remote: https://rubygems.org/
  specs:
    cuba (3.9.3)
      rack (>= 1.6.0)
    diff-lcs (1.5.0)
    json (2.6.2)
    nio4r (2.5.8)
    puma (5.6.5)
      nio4r (~> 2.0)
    rack (3.0.4.1)
    rspec (3.11.0)
      rspec-core (~> 3.11.0)
      rspec-expectations (~> 3.11.0)
      rspec-mocks (~> 3.11.0)
    rspec-core (3.11.0)
      rspec-support (~> 3.11.0)
    rspec-expectations (3.11.0)
      diff-lcs (>= 1.2.0, < 2.0)
      rspec-support (~> 3.11.0)
    rspec-mocks (3.11.1)
      diff-lcs (>= 1.2.0, < 2.0)
      rspec-support (~> 3.11.0)
    rspec-support (3.11.0)

PLATFORMS
  arm64-darwin-21
  ruby
  x86_64-linux-musl

DEPENDENCIES
  cuba (~> 3.9, >= 3.9.3)
  json (~> 2.6, >= 2.6.2)
  puma (~> 5.6, >= 5.6.5)
  rspec (~> 3.11)

BUNDLED WITH
   2.1.4
