GEM
  remote: https://rubygems.org/
  specs:
    cuba (4.0.1)
      rack (>= 3.0.0)
      rack-session (>= 2.0.0)
    diff-lcs (1.5.0)
    json (2.6.3)
    nio4r (2.5.9)
    puma (6.2.1)
      nio4r (~> 2.0)
    rack (3.0.7)
    rack-session (2.0.0)
      rack (>= 3.0.0)
    rspec (3.12.0)
      rspec-core (~> 3.12.0)
      rspec-expectations (~> 3.12.0)
      rspec-mocks (~> 3.12.0)
    rspec-core (3.12.1)
      rspec-support (~> 3.12.0)
    rspec-expectations (3.12.2)
      diff-lcs (>= 1.2.0, < 2.0)
      rspec-support (~> 3.12.0)
    rspec-mocks (3.12.5)
      diff-lcs (>= 1.2.0, < 2.0)
      rspec-support (~> 3.12.0)
    rspec-support (3.12.0)

PLATFORMS
  ruby
  x86_64-darwin-19

DEPENDENCIES
  cuba (~> 4.0, >= 4.0.1)
  json (~> 2.6, >= 2.6.3)
  puma (~> 6.1, >= 6.1.1)
  rack (~> 3.0, >= 3.0.4.2)
  rspec (~> 3.12)

BUNDLED WITH
   2.4.10
